GEM
  remote: https://rubygems.org/
  specs:
    actionmailer (0.6.1)
      actionpack (>= 0.9.5)
    actionpack (7.0.4.1)
      actionview (= 7.0.4.1)
      activesupport (= 7.0.4.1)
      rack (~> 2.0, >= 2.2.0)
      rack-test (>= 0.6.3)
      rails-dom-testing (~> 2.0)
      rails-html-sanitizer (~> 1.0, >= 1.2.0)
    actionview (7.0.4.1)
      activesupport (= 7.0.4.1)
      builder (~> 3.1)
      erubi (~> 1.4)
      rails-dom-testing (~> 2.0)
      rails-html-sanitizer (~> 1.1, >= 1.2.0)
    activemodel (7.0.4.1)
      activesupport (= 7.0.4.1)
    activerecord (7.0.4.1)
      activemodel (= 7.0.4.1)
      activesupport (= 7.0.4.1)
    activerecord-immutable (0.0.3)
      activerecord (>= 3.2)
    activesupport (7.0.4.1)
      concurrent-ruby (~> 1.0, >= 1.0.2)
      i18n (>= 1.6, < 2)
      minitest (>= 5.1)
      tzinfo (~> 2.0)
    activeuuid (0.6.1)
      activerecord (>= 3.1)
      uuidtools
    acts_as_list (1.0.4)
      activerecord (>= 4.2)
    addressable (2.8.1)
      public_suffix (>= 2.0.2, < 6.0)
    amoeba (3.2.0)
      activerecord (>= 4.2.0)
    annotate (3.2.0)
      activerecord (>= 3.2, < 8.0)
      rake (>= 10.4, < 14.0)
    ast (2.4.2)
    builder (3.2.4)
    choice (0.2.0)
    coderay (1.1.3)
    concurrent-ruby (1.1.10)
    config (4.1.0)
      deep_merge (~> 1.2, >= 1.2.1)
      dry-validation (~> 1.0, >= 1.0.0)
    crack (0.4.5)
      rexml
    crass (1.0.6)
    daemons (1.4.1)
    database_cleaner (2.0.1)
      database_cleaner-active_record (~> 2.0.0)
    database_cleaner-active_record (2.0.1)
      activerecord (>= 5.a)
      database_cleaner-core (~> 2.0.0)
    database_cleaner-core (2.0.1)
    date (3.3.1)
    deep_merge (1.2.2)
    diff-lcs (1.5.0)
    dry-configurable (1.0.1)
      dry-core (~> 1.0, < 2)
      zeitwerk (~> 2.6)
    dry-core (1.0.0)
      concurrent-ruby (~> 1.0)
      zeitwerk (~> 2.6)
    dry-inflector (1.0.0)
    dry-initializer (3.1.1)
    dry-logic (1.5.0)
      concurrent-ruby (~> 1.0)
      dry-core (~> 1.0, < 2)
      zeitwerk (~> 2.6)
    dry-schema (1.13.0)
      concurrent-ruby (~> 1.0)
      dry-configurable (~> 1.0, >= 1.0.1)
      dry-core (~> 1.0, < 2)
      dry-initializer (~> 3.0)
      dry-logic (>= 1.5, < 2)
      dry-types (>= 1.7, < 2)
      zeitwerk (~> 2.6)
    dry-types (1.7.0)
      concurrent-ruby (~> 1.0)
      dry-core (~> 1.0, < 2)
      dry-inflector (~> 1.0, < 2)
      dry-logic (>= 1.4, < 2)
      zeitwerk (~> 2.6)
    dry-validation (1.10.0)
      concurrent-ruby (~> 1.0)
      dry-core (~> 1.0, < 2)
      dry-initializer (~> 3.0)
      dry-schema (>= 1.12, < 2)
      zeitwerk (~> 2.6)
    erubi (1.12.0)
    eventmachine (1.2.7)
    hashdiff (1.0.1)
    i18n (1.12.0)
      concurrent-ruby (~> 1.0)
    json (2.6.3)
    jsonb_accessor (1.3.7)
      activerecord (>= 5.0)
      activesupport (>= 5.0)
      pg (>= 0.18.1)
    jwt (2.5.0)
    little-plugger (1.1.4)
    log4r (1.1.10)
    logging (2.3.1)
      little-plugger (~> 1.1)
      multi_json (~> 1.14)
    loofah (2.19.1)
      crass (~> 1.0.2)
      nokogiri (>= 1.5.9)
    mail (2.8.0.1)
      mini_mime (>= 0.1.1)
      net-imap
      net-pop
      net-smtp
    memfs (1.0.0)
    method_source (1.0.0)
    mini_mime (1.1.2)
    minitest (5.17.0)
    moneta (1.5.2)
    multi_json (1.15.0)
    mustermann (3.0.0)
      ruby2_keywords (~> 0.0.1)
    net-imap (0.3.2)
      date
      net-protocol
    net-pop (0.1.2)
      net-protocol
    net-protocol (0.2.1)
      timeout
    net-smtp (0.3.3)
      net-protocol
    nokogiri (1.14.3-arm64-darwin)
      racc (~> 1.4)
    nokogiri (1.14.3-x86_64-linux)
      racc (~> 1.4)
    openssl (3.0.1)
    paper_trail (14.0.0)
      activerecord (>= 6.0)
      request_store (~> 1.4)
    paper_trail-sinatra (0.9.0)
      paper_trail (>= 9)
      sinatra (>= 1.0.0, < 4)
    parallel (1.22.1)
    paranoia (2.6.1)
      activerecord (>= 5.1, < 7.1)
    parser (3.1.3.0)
      ast (~> 2.4.1)
    pg (1.4.5)
    pony (1.13.1)
      mail (>= 2.0)
    pry (0.14.1)
      coderay (~> 1.1)
      method_source (~> 1.0)
    psych (5.0.1)
      stringio
    public_suffix (5.0.1)
    racc (1.6.2)
    rack (2.2.6.2)
    rack-parser (0.7.0)
      rack
    rack-protection (3.0.4)
      rack
    rack-test (2.0.2)
      rack (>= 1.3)
    rails-dom-testing (2.0.3)
      activesupport (>= 4.2.0)
      nokogiri (>= 1.6)
    rails-erd (1.7.2)
      activerecord (>= 4.2)
      activesupport (>= 4.2)
      choice (~> 0.2.0)
      ruby-graphviz (~> 1.2)
    rails-html-sanitizer (1.4.4)
      loofah (~> 2.19, >= 2.19.1)
    rainbow (3.1.1)
    rake (13.0.6)
    regexp_parser (2.6.1)
    request_store (1.5.1)
      rack (>= 1.4)
    rexml (3.2.5)
    rspec (3.12.0)
      rspec-core (~> 3.12.0)
      rspec-expectations (~> 3.12.0)
      rspec-mocks (~> 3.12.0)
    rspec-core (3.12.0)
      rspec-support (~> 3.12.0)
    rspec-expectations (3.12.0)
      diff-lcs (>= 1.2.0, < 2.0)
      rspec-support (~> 3.12.0)
    rspec-mocks (3.12.1)
      diff-lcs (>= 1.2.0, < 2.0)
      rspec-support (~> 3.12.0)
    rspec-support (3.12.0)
    rubocop (1.40.0)
      json (~> 2.3)
      parallel (~> 1.10)
      parser (>= 3.1.2.1)
      rainbow (>= 2.2.2, < 4.0)
      regexp_parser (>= 1.8, < 3.0)
      rexml (>= 3.2.5, < 4.0)
      rubocop-ast (>= 1.23.0, < 2.0)
      ruby-progressbar (~> 1.7)
      unicode-display_width (>= 1.4.0, < 3.0)
    rubocop-ast (1.24.0)
      parser (>= 3.1.1.0)
    ruby-graphviz (1.2.5)
      rexml
    ruby-progressbar (1.11.0)
    ruby2_keywords (0.0.5)
    rubyzip (2.3.2)
    semantic (1.6.1)
    shoulda-matchers (5.3.0)
      activesupport (>= 5.2.0)
    sinatra (3.0.4)
      mustermann (~> 3.0)
      rack (~> 2.2, >= 2.2.4)
      rack-protection (= 3.0.4)
      tilt (~> 2.0)
    sinatra-activerecord (2.0.26)
      activerecord (>= 4.1)
      sinatra (>= 1.0)
    sinatra-contrib (3.0.4)
      multi_json
      mustermann (~> 3.0)
      rack-protection (= 3.0.4)
      sinatra (= 3.0.4)
      tilt (~> 2.0)
    sinatra-param (1.6.0)
      sinatra (>= 1.3)
    sqlite3 (1.5.4-arm64-darwin)
    sqlite3 (1.5.4-x86_64-linux)
    sshkey (2.0.0)
    stringio (3.0.4)
    thin (1.8.1)
      daemons (~> 1.0, >= 1.0.9)
      eventmachine (~> 1.0, >= 1.0.4)
      rack (>= 1, < 3)
    tilt (2.0.11)
    timeout (0.3.1)
    tzinfo (2.0.5)
      concurrent-ruby (~> 1.0)
    unicode-display_width (2.3.0)
    uuidtools (2.2.0)
    validates_hostname (1.0.13)
      activerecord (>= 3.0)
      activesupport (>= 3.0)
    vcr (6.1.0)
    webmock (3.18.1)
      addressable (>= 2.8.0)
      crack (>= 0.3.2)
      hashdiff (>= 0.4.0, < 2.0.0)
    wisper (2.0.1)
    wisper-activerecord (1.0.0)
      activerecord (>= 3.0.0)
      wisper (~> 2.0)
    zeitwerk (2.6.6)

PLATFORMS
  arm64-darwin-22
  x86_64-linux

DEPENDENCIES
  actionmailer
  activerecord
  activerecord-immutable
  activesupport
  activeuuid
  acts_as_list
  amoeba
  annotate
  config
  database_cleaner
  i18n
  jsonb_accessor
  jwt
  log4r
  logging
  memfs
  moneta
  openssl
  paper_trail
  paper_trail-sinatra
  paranoia (~> 2.2)
  pg
  pony
  pry
  psych
  rack (> 2.0)
  rack-parser
  rack-test
  rails-erd
  rake
  request_store
  rspec
  rspec-mocks
  rubocop
  rubyzip
  semantic
  shoulda-matchers
  sinatra
  sinatra-activerecord
  sinatra-contrib
  sinatra-param
  sqlite3
  sshkey
  thin
  validates_hostname (~> 1.0)
  vcr
  webmock
  wisper-activerecord

BUNDLED WITH
   2.3.26
